PATH
  remote: .
  specs:
    reading (0.7.0)
      pastel (~> 0.8)

GEM
  remote: https://rubygems.org/
  specs:
    ansi (1.5.0)
    builder (3.2.4)
    debug (1.5.0)
      irb (>= 1.3.6)
      reline (>= 0.2.7)
    io-console (0.5.11)
    irb (1.4.1)
      reline (>= 0.3.0)
    minitest (5.15.0)
    minitest-reporters (1.5.0)
      ansi
      builder
      minitest (>= 5.0)
      ruby-progressbar
    pastel (0.8.0)
      tty-color (~> 0.5)
    pretty-diffs (1.0.2)
    reline (0.3.1)
      io-console (~> 0.5)
    ruby-progressbar (1.11.0)
    tty-color (0.6.0)

PLATFORMS
  x86_64-linux

DEPENDENCIES
  debug (>= 1.0.0)
  minitest (~> 5.0)
  minitest-reporters (~> 1.0)
  pretty-diffs
  reading!

BUNDLED WITH
   2.3.4
