PATH
  remote: .
  specs:
    reading-csv (0.2.0)
      activesupport (~> 6.0)
      attr_extras (~> 6.0)
      date (~> 3.0)
      pastel (~> 0.8)

GEM
  remote: https://rubygems.org/
  specs:
    activesupport (6.1.4.1)
      concurrent-ruby (~> 1.0, >= 1.0.2)
      i18n (>= 1.6, < 2)
      minitest (>= 5.1)
      tzinfo (~> 2.0)
      zeitwerk (~> 2.3)
    ansi (1.5.0)
    attr_extras (6.2.4)
    builder (3.2.4)
    byebug (11.1.3)
    coderay (1.1.3)
    concurrent-ruby (1.1.9)
    date (3.1.1)
    dead_end (1.1.7)
    i18n (1.8.10)
      concurrent-ruby (~> 1.0)
    method_source (1.0.0)
    minitest (5.14.4)
    minitest-reporters (1.4.3)
      ansi
      builder
      minitest (>= 5.0)
      ruby-progressbar
    pastel (0.8.0)
      tty-color (~> 0.5)
    pry (0.14.1)
      coderay (~> 1.1)
      method_source (~> 1.0)
    pry-byebug (3.8.0)
      byebug (~> 11.0)
      pry (~> 0.10)
    ruby-progressbar (1.11.0)
    tty-color (0.6.0)
    tzinfo (2.0.4)
      concurrent-ruby (~> 1.0)
    zeitwerk (2.4.2)

PLATFORMS
  x86_64-linux

DEPENDENCIES
  dead_end (~> 1.0)
  minitest (~> 5.0)
  minitest-reporters (~> 1.0)
  pry (~> 0.14)
  pry-byebug (~> 3.0)
  reading-csv!

BUNDLED WITH
   2.2.20
