PATH
  remote: .
  specs:
    reading (0.8.0)
      pastel (~> 0.8)

GEM
  remote: https://rubygems.org/
  specs:
    addressable (2.8.4)
      public_suffix (>= 2.0.2, < 6.0)
    amazing_print (1.5.0)
    ansi (1.5.0)
    ast (2.4.2)
    axiom-types (0.1.1)
      descendants_tracker (~> 0.0.4)
      ice_nine (~> 0.11.0)
      thread_safe (~> 0.3, >= 0.3.1)
    builder (3.2.4)
    coercible (1.0.0)
      descendants_tracker (~> 0.0.1)
    debug (1.8.0)
      irb (>= 1.5.0)
      reline (>= 0.3.1)
    descendants_tracker (0.0.4)
      thread_safe (~> 0.3, >= 0.3.1)
    docile (1.4.0)
    erubi (1.12.0)
    flay (2.13.0)
      erubi (~> 1.10)
      path_expander (~> 1.0)
      ruby_parser (~> 3.0)
      sexp_processor (~> 4.0)
    flog (4.6.6)
      path_expander (~> 1.0)
      ruby_parser (~> 3.1, > 3.1.0)
      sexp_processor (~> 4.8)
    ice_nine (0.11.2)
    io-console (0.6.0)
    irb (1.7.0)
      reline (>= 0.3.0)
    kwalify (0.7.2)
    launchy (2.5.2)
      addressable (~> 2.8)
    minitest (5.18.1)
    minitest-reporters (1.6.0)
      ansi
      builder
      minitest (>= 5.0)
      ruby-progressbar
    parser (3.2.2.3)
      ast (~> 2.4.1)
      racc
    pastel (0.8.0)
      tty-color (~> 0.5)
    path_expander (1.1.1)
    pretty-diffs (1.0.2)
    public_suffix (5.0.1)
    racc (1.7.1)
    rainbow (3.1.1)
    reek (6.1.4)
      kwalify (~> 0.7.0)
      parser (~> 3.2.0)
      rainbow (>= 2.0, < 4.0)
    reline (0.3.5)
      io-console (~> 0.5)
    ruby-progressbar (1.13.0)
    ruby_parser (3.20.2)
      sexp_processor (~> 4.16)
    rubycritic (4.8.1)
      flay (~> 2.13)
      flog (~> 4.6)
      launchy (>= 2.5.2)
      parser (>= 3.2.2.1)
      rainbow (~> 3.1.1)
      reek (~> 6.0, < 7.0)
      ruby_parser (~> 3.20)
      simplecov (>= 0.22.0)
      tty-which (~> 0.5.0)
      virtus (~> 2.0)
    sexp_processor (4.17.0)
    shoulda-context (2.0.0)
    simplecov (0.22.0)
      docile (~> 1.1)
      simplecov-html (~> 0.11)
      simplecov_json_formatter (~> 0.1)
    simplecov-html (0.12.3)
    simplecov_json_formatter (0.1.4)
    thread_safe (0.3.6)
    tty-color (0.6.0)
    tty-which (0.5.0)
    virtus (2.0.0)
      axiom-types (~> 0.1)
      coercible (~> 1.0)
      descendants_tracker (~> 0.0, >= 0.0.3)

PLATFORMS
  x86_64-linux

DEPENDENCIES
  amazing_print (~> 1.4)
  debug (~> 1.7)
  minitest (~> 5.18)
  minitest-reporters (~> 1.6)
  pretty-diffs (~> 1.0)
  reading!
  rubycritic (~> 4.7)
  shoulda-context (~> 2.0)

BUNDLED WITH
   2.4.9
